GEM
  remote: http://rubygems.org/
  specs:
    abstract (1.0.0)
    awesome_print (0.4.0)
    daemons (1.1.0)
    diff-lcs (1.1.2)
    erubis (2.6.6)
      abstract (>= 1.0.0)
    eventmachine (0.12.10)
    nokogiri (1.5.0)
    rack (1.2.1)
    rack-test (0.5.4)
      rack (>= 1.0)
    rake (0.8.7)
    rspec (2.6.0)
      rspec-core (~> 2.6.0)
      rspec-expectations (~> 2.6.0)
      rspec-mocks (~> 2.6.0)
    rspec-core (2.6.4)
    rspec-expectations (2.6.0)
      diff-lcs (~> 1.1.2)
    rspec-mocks (2.6.0)
    sequel (3.21.0)
    simple-rss (1.2.3)
    simplecov (0.4.2)
      simplecov-html (~> 0.4.4)
    simplecov-html (0.4.5)
    sinatra (1.2.0)
      rack (~> 1.1)
      tilt (>= 1.2.2, < 2.0)
    sqlite3 (1.3.3)
    thin (1.2.7)
      daemons (>= 1.0.9)
      eventmachine (>= 0.12.6)
      rack (>= 1.0.0)
    tilt (1.2.2)

PLATFORMS
  ruby

DEPENDENCIES
  awesome_print
  erubis (>= 2.6.6)
  nokogiri
  rack-test
  rake
  rspec (>= 2.4.0)
  sequel (>= 3.0.0)
  simple-rss (>= 1.2.2)
  simplecov (>= 0.4.0)
  sinatra (>= 1.0)
  sqlite3
  thin
